GIT
  remote: https://github.com/wepow/mongo_queue.git
  revision: c9726352c4f4a11ea4e70256e004807f4d07d66f
  branch: mongo-2.x
  specs:
    mongo_queue (0.2.4)
      mongo (~> 2.4)

PATH
  remote: .
  specs:
    soter (0.0.3)

GEM
  remote: http://rubygems.org/
  specs:
    bson (4.5.0)
    diff-lcs (1.2.5)
    mongo (2.10.2)
      bson (>= 4.4.2, < 5.0.0)
    rake (12.0.0)
    rspec (3.5.0)
      rspec-core (~> 3.5.0)
      rspec-expectations (~> 3.5.0)
      rspec-mocks (~> 3.5.0)
    rspec-core (3.5.4)
      rspec-support (~> 3.5.0)
    rspec-expectations (3.5.0)
      diff-lcs (>= 1.2.0, < 2.0)
      rspec-support (~> 3.5.0)
    rspec-mocks (3.5.0)
      diff-lcs (>= 1.2.0, < 2.0)
      rspec-support (~> 3.5.0)
    rspec-support (3.5.0)

PLATFORMS
  ruby

DEPENDENCIES
  mongo_queue!
  rake
  rspec
  soter!

BUNDLED WITH
   1.14.6
