GIT
  remote: https://github.com/andresf/mongo_queue.git
  revision: 5fe138c3d8611d5d010cd3c52496a943f63d1f12
  ref: 5fe138c
  branch: moped
  specs:
    mongo_queue (0.2.4)
      moped (~> 1.4)

PATH
  remote: .
  specs:
    soter (0.0.3)
      moped (~> 1.5)

GEM
  remote: http://rubygems.org/
  specs:
    diff-lcs (1.2.5)
    moped (1.5.3)
    rake (10.5.0)
    rspec (3.4.0)
      rspec-core (~> 3.4.0)
      rspec-expectations (~> 3.4.0)
      rspec-mocks (~> 3.4.0)
    rspec-core (3.4.3)
      rspec-support (~> 3.4.0)
    rspec-expectations (3.4.0)
      diff-lcs (>= 1.2.0, < 2.0)
      rspec-support (~> 3.4.0)
    rspec-mocks (3.4.1)
      diff-lcs (>= 1.2.0, < 2.0)
      rspec-support (~> 3.4.0)
    rspec-support (3.4.1)

PLATFORMS
  ruby

DEPENDENCIES
  mongo_queue!
  rake
  rspec
  soter!

BUNDLED WITH
   1.11.2
