GIT
  remote: https://github.com/andresf/mongo_queue.git
  revision: 18633c0d8d45b1f8ce89c483ab2995518c1a8fcb
  specs:
    mongo_queue (0.2.2)

PATH
  remote: .
  specs:
    soter (0.0.1)
      bson_ext
      mongo

GEM
  remote: http://rubygems.org/
  specs:
    bson (1.8.2)
    bson_ext (1.8.2)
      bson (~> 1.8.2)
    diff-lcs (1.1.3)
    mongo (1.8.2)
      bson (~> 1.8.2)
    rake (10.0.3)
    rspec (2.12.0)
      rspec-core (~> 2.12.0)
      rspec-expectations (~> 2.12.0)
      rspec-mocks (~> 2.12.0)
    rspec-core (2.12.2)
    rspec-expectations (2.12.1)
      diff-lcs (~> 1.1.3)
    rspec-mocks (2.12.1)

PLATFORMS
  ruby

DEPENDENCIES
  mongo_queue!
  rake
  rspec
  soter!
