GIT
  remote: https://github.com/andresf/mongo_queue.git
  revision: 7043f58d907a03e111695bdf00acdde0b0402db6
  specs:
    mongo_queue (0.2.3)
      bson_ext (>= 1.5)
      mongo (>= 1.5)

PATH
  remote: .
  specs:
    soter (1.0.0)
      bson_ext
      mongo (~> 1.8)

GEM
  remote: http://rubygems.org/
  specs:
    bson (1.8.5)
    bson_ext (1.8.5)
      bson (~> 1.8.5)
    diff-lcs (1.2.4)
    mongo (1.8.5)
      bson (~> 1.8.5)
    rake (10.0.4)
    rspec (2.13.0)
      rspec-core (~> 2.13.0)
      rspec-expectations (~> 2.13.0)
      rspec-mocks (~> 2.13.0)
    rspec-core (2.13.1)
    rspec-expectations (2.13.0)
      diff-lcs (>= 1.1.3, < 2.0)
    rspec-mocks (2.13.1)

PLATFORMS
  ruby

DEPENDENCIES
  mongo_queue!
  rake
  rspec
  soter!
