GIT
  remote: https://github.com/andresf/mongo_queue.git
  revision: 8255da0f46c57bdc3fcf24e8fc969c9304b86aed
  branch: moped-2.x
  specs:
    mongo_queue (0.2.4)
      moped (~> 2.0.0)

PATH
  remote: .
  specs:
    soter (0.0.3)
      moped (~> 2.0.0)

GEM
  remote: http://rubygems.org/
  specs:
    bson (3.2.6)
    connection_pool (2.2.0)
    diff-lcs (1.2.5)
    moped (2.0.7)
      bson (~> 3.0)
      connection_pool (~> 2.0)
      optionable (~> 0.2.0)
    optionable (0.2.0)
    rake (11.2.2)
    rspec (3.5.0)
      rspec-core (~> 3.5.0)
      rspec-expectations (~> 3.5.0)
      rspec-mocks (~> 3.5.0)
    rspec-core (3.5.2)
      rspec-support (~> 3.5.0)
    rspec-expectations (3.5.0)
      diff-lcs (>= 1.2.0, < 2.0)
      rspec-support (~> 3.5.0)
    rspec-mocks (3.5.0)
      diff-lcs (>= 1.2.0, < 2.0)
      rspec-support (~> 3.5.0)
    rspec-support (3.5.0)

PLATFORMS
  ruby

DEPENDENCIES
  mongo_queue!
  rake
  rspec
  soter!

BUNDLED WITH
   1.11.2
